GEM
  remote: https://rubygems.org/
  specs:
    animation (0.1.alpha.3)
      compass (>= 0.12.0)
      sass (>= 3.2.0.alpha.95)
    breakpoint (2.0.7)
      compass (>= 0.12.1)
      sass (>= 3.2.0)
    chunky_png (1.3.0)
    compass (0.12.2)
      chunky_png (~> 1.2)
      fssm (>= 0.2.7)
      sass (~> 3.1)
    compass-h5bp (0.1.2)
      compass
    compass-placeholder (0.0.3)
      compass (>= 0.11)
    compass-retina-sprites (0.1.8)
      compass (>= 0.11)
      sassy-strings (>= 0.3.1)
    fssm (0.2.10)
    sass (3.2.14)
    sassy-strings (1.0.0)
      compass (>= 0.12.2)

PLATFORMS
  ruby

DEPENDENCIES
  animation
  breakpoint
  compass (= 0.12.2)
  compass-h5bp
  compass-placeholder
  compass-retina-sprites
  sass (= 3.2.14)
